GEM
  remote: http://rubygems.org/
  specs:
    guard (1.4.0)
      listen (>= 0.4.2)
      thor (>= 0.14.6)
    guard-motion (0.1.1)
      guard (>= 1.1.0)
      rake (>= 0.9)
    listen (0.5.2)
    rake (0.9.2.2)
    rb-fsevent (0.9.2)
    thor (0.16.0)

PLATFORMS
  ruby

DEPENDENCIES
  guard-motion
  rake
  rb-fsevent
